PATH
  remote: .
  specs:
    guard-autoupload (1.1.2)
      guard (~> 2.0)
      net-ftp (~> 0.2.0)
      net-scp (~> 4.0)
      net-sftp (~> 4.0)

GEM
  remote: https://rubygems.org/
  specs:
    coderay (1.1.3)
    date (3.4.1)
    ffi (1.17.1-x86_64-linux-gnu)
    formatador (1.1.0)
    guard (2.19.1)
      formatador (>= 0.2.4)
      listen (>= 2.7, < 4.0)
      logger (~> 1.6)
      lumberjack (>= 1.0.12, < 2.0)
      nenv (~> 0.1)
      notiffany (~> 0.0)
      ostruct (~> 0.6)
      pry (>= 0.13.0)
      shellany (~> 0.0)
      thor (>= 0.18.1)
    listen (3.9.0)
      rb-fsevent (~> 0.10, >= 0.10.3)
      rb-inotify (~> 0.9, >= 0.9.10)
    logger (1.6.4)
    lumberjack (1.2.10)
    method_source (1.1.0)
    nenv (0.3.0)
    net-ftp (0.2.1)
      net-protocol
      time
    net-protocol (0.2.2)
      timeout
    net-scp (4.0.0)
      net-ssh (>= 2.6.5, < 8.0.0)
    net-sftp (4.0.0)
      net-ssh (>= 5.0.0, < 8.0.0)
    net-ssh (7.3.0)
    notiffany (0.1.3)
      nenv (~> 0.1)
      shellany (~> 0.0)
    ostruct (0.6.1)
    pry (0.15.2)
      coderay (~> 1.1)
      method_source (~> 1.0)
    rake (13.2.1)
    rb-fsevent (0.11.2)
    rb-inotify (0.11.1)
      ffi (~> 1.0)
    shellany (0.0.1)
    thor (1.3.2)
    time (0.4.1)
      date
    timeout (0.4.3)

PLATFORMS
  x86_64-linux

DEPENDENCIES
  bundler (~> 2.0)
  guard
  guard-autoupload!
  rake

BUNDLED WITH
   2.6.2
